PATH
  remote: .
  specs:
    presume (0.0.4)
      docx
      engtagger
      ruby-stemmer

GEM
  remote: https://rubygems.org/
  specs:
    diff-lcs (1.2.5)
    docx (0.6.2)
      nokogiri (~> 1.10, >= 1.10.4)
      rubyzip (~> 2.0)
    engtagger (0.2.2)
    mini_portile2 (2.8.0)
    nokogiri (1.13.2)
      mini_portile2 (~> 2.8.0)
      racc (~> 1.4)
    racc (1.6.0)
    rake (10.4.2)
    rspec (3.3.0)
      rspec-core (~> 3.3.0)
      rspec-expectations (~> 3.3.0)
      rspec-mocks (~> 3.3.0)
    rspec-core (3.3.1)
      rspec-support (~> 3.3.0)
    rspec-expectations (3.3.0)
      diff-lcs (>= 1.2.0, < 2.0)
      rspec-support (~> 3.3.0)
    rspec-mocks (3.3.1)
      diff-lcs (>= 1.2.0, < 2.0)
      rspec-support (~> 3.3.0)
    rspec-support (3.3.0)
    ruby-stemmer (3.0.0)
    rubyzip (2.3.2)

PLATFORMS
  ruby

DEPENDENCIES
  presume!
  rake
  rspec

BUNDLED WITH
   1.17.3
